GEM
  remote: https://rubygems.org/
  specs:
    colorize (0.8.1)
    ruby-terminfo (0.1.1)

PLATFORMS
  ruby

DEPENDENCIES
  colorize
  ruby-terminfo

BUNDLED WITH
   1.16.0.pre.2
